GEM
  remote: https://rubygems.org/
  specs:
    ace-client (0.0.9)
      httparty (= 0.10.0)
      nokogiri
      thor
    builder (3.2.2)
    diff-lcs (1.2.5)
    httparty (0.10.0)
      multi_json (~> 1.0)
      multi_xml
    mini_portile (0.6.0)
    multi_json (1.10.1)
    multi_xml (0.5.5)
    nokogiri (1.6.3.1)
      mini_portile (= 0.6.0)
    rspec (2.14.1)
      rspec-core (~> 2.14.0)
      rspec-expectations (~> 2.14.0)
      rspec-mocks (~> 2.14.0)
    rspec-core (2.14.8)
    rspec-expectations (2.14.5)
      diff-lcs (>= 1.1.3, < 2.0)
    rspec-mocks (2.14.6)
    rspec_junit_formatter (0.1.6)
      builder
      rspec (~> 2.0)
      rspec-core (!= 2.12.0)
    thor (0.19.1)

PLATFORMS
  ruby

DEPENDENCIES
  ace-client
  nokogiri
  rspec
  rspec_junit_formatter
